GEM
  remote: https://rubygems.org/
  specs:
    cairo (1.12.6)
      pkg-config
    pkg-config (1.1.4)

PLATFORMS
  ruby

DEPENDENCIES
  cairo
